PATH
  remote: .
  specs:
    clerk-sdk-ruby (2.9.0.beta3)
      concurrent-ruby (~> 1.1)
      faraday (~> 2.7.4)
      jwt (~> 2.5)

GEM
  remote: https://rubygems.org/
  specs:
    byebug (11.1.3)
    concurrent-ruby (1.2.0)
    faraday (2.7.4)
      faraday-net_http (>= 2.0, < 3.1)
      ruby2_keywords (>= 0.0.4)
    faraday-net_http (3.0.2)
    jwt (2.7.0)
    minitest (5.17.0)
    rake (13.0.6)
    ruby2_keywords (0.0.5)
    timecop (0.9.6)

PLATFORMS
  universal-darwin-21
  x86_64-linux

DEPENDENCIES
  byebug (~> 11.1)
  clerk-sdk-ruby!
  minitest (~> 5.0)
  rake (~> 13.0)
  timecop (~> 0.9.4)

BUNDLED WITH
   2.3.25
